GEM
  remote: http://rubygems.org/
  specs:
    activemodel (3.1.0.rc4)
      activesupport (= 3.1.0.rc4)
      bcrypt-ruby (~> 2.1.4)
      builder (~> 3.0.0)
      i18n (~> 0.6)
    activerecord (3.1.0.rc4)
      activemodel (= 3.1.0.rc4)
      activesupport (= 3.1.0.rc4)
      arel (~> 2.1.1)
      tzinfo (~> 0.3.27)
    activesupport (3.1.0.rc4)
      multi_json (~> 1.0)
    arel (2.1.4)
    bcrypt-ruby (2.1.4)
    builder (3.0.0)
    capistrano (2.8.0)
      highline
      net-scp (>= 1.0.0)
      net-sftp (>= 2.0.0)
      net-ssh (>= 2.0.14)
      net-ssh-gateway (>= 1.1.0)
    diff-lcs (1.1.2)
    haml (3.1.2)
    highline (1.6.2)
    hpricot (0.8.4)
    i18n (0.6.0)
    mechanize (2.0.1)
      net-http-digest_auth (~> 1.1, >= 1.1.1)
      net-http-persistent (~> 1.8)
      nokogiri (~> 1.4)
      webrobots (~> 0.0, >= 0.0.9)
    multi_json (1.0.3)
    net-http-digest_auth (1.1.1)
    net-http-persistent (1.8)
    net-scp (1.0.4)
      net-ssh (>= 1.99.1)
    net-sftp (2.0.5)
      net-ssh (>= 2.0.9)
    net-ssh (2.2.1)
    net-ssh-gateway (1.1.0)
      net-ssh (>= 1.99.1)
    nokogiri (1.5.0)
    rack (1.2.1)
    rake (0.9.1)
    rspec (2.6.0)
      rspec-core (~> 2.6.0)
      rspec-expectations (~> 2.6.0)
      rspec-mocks (~> 2.6.0)
    rspec-core (2.6.4)
    rspec-expectations (2.6.0)
      diff-lcs (~> 1.1.2)
    rspec-mocks (2.6.0)
    sass (3.1.7)
    sinatra (1.2.6)
      rack (~> 1.1)
      tilt (>= 1.2.2, < 2.0)
    sqlite3 (1.3.4)
    tilt (1.3.2)
    tzinfo (0.3.29)
    webrobots (0.0.10)
      nokogiri (>= 1.4.4)

PLATFORMS
  ruby

DEPENDENCIES
  activerecord (= 3.1.0.rc4)
  capistrano
  haml
  hpricot
  mechanize
  rack (= 1.2.1)
  rake (= 0.9.1)
  rspec
  sass
  sinatra
  sqlite3
